GEM
  remote: https://rubygems.org/
  specs:
    byebug (11.1.3)
    daemons (1.4.0)
    nokogiri (1.11.7-x64-mingw32)
      racc (~> 1.4)
    racc (1.5.2)

PLATFORMS
  x64-mingw32

DEPENDENCIES
  byebug
  daemons (~> 1.2, >= 1.2.3)
  nokogiri (~> 1.11, >= 1.11.7)

BUNDLED WITH
   2.2.20
